GEM
  remote: https://rubygems.org/
  specs:
    Ascii85 (1.0.3)
    actioncable (6.0.3.7)
      actionpack (= 6.0.3.7)
      nio4r (~> 2.0)
      websocket-driver (>= 0.6.1)
    actionmailbox (6.0.3.7)
      actionpack (= 6.0.3.7)
      activejob (= 6.0.3.7)
      activerecord (= 6.0.3.7)
      activestorage (= 6.0.3.7)
      activesupport (= 6.0.3.7)
      mail (>= 2.7.1)
    actionmailer (6.0.3.7)
      actionpack (= 6.0.3.7)
      actionview (= 6.0.3.7)
      activejob (= 6.0.3.7)
      mail (~> 2.5, >= 2.5.4)
      rails-dom-testing (~> 2.0)
    actionpack (6.0.3.7)
      actionview (= 6.0.3.7)
      activesupport (= 6.0.3.7)
      rack (~> 2.0, >= 2.0.8)
      rack-test (>= 0.6.3)
      rails-dom-testing (~> 2.0)
      rails-html-sanitizer (~> 1.0, >= 1.2.0)
    actiontext (6.0.3.7)
      actionpack (= 6.0.3.7)
      activerecord (= 6.0.3.7)
      activestorage (= 6.0.3.7)
      activesupport (= 6.0.3.7)
      nokogiri (>= 1.8.5)
    actionview (6.0.3.7)
      activesupport (= 6.0.3.7)
      builder (~> 3.1)
      erubi (~> 1.4)
      rails-dom-testing (~> 2.0)
      rails-html-sanitizer (~> 1.1, >= 1.2.0)
    activejob (6.0.3.7)
      activesupport (= 6.0.3.7)
      globalid (>= 0.3.6)
    activemodel (6.0.3.7)
      activesupport (= 6.0.3.7)
    activemodel-caution (6.0.3.7.0)
      actionpack (= 6.0.3.7)
      activemodel (= 6.0.3.7)
      activerecord (= 6.0.3.7)
      activesupport (= 6.0.3.7)
      railties (= 6.0.3.7)
    activerecord (6.0.3.7)
      activemodel (= 6.0.3.7)
      activesupport (= 6.0.3.7)
    activestorage (6.0.3.7)
      actionpack (= 6.0.3.7)
      activejob (= 6.0.3.7)
      activerecord (= 6.0.3.7)
      marcel (~> 1.0.0)
    activesupport (6.0.3.7)
      concurrent-ruby (~> 1.0, >= 1.0.2)
      i18n (>= 0.7, < 2)
      minitest (~> 5.1)
      tzinfo (~> 1.1)
      zeitwerk (~> 2.2, >= 2.2.2)
    addressable (2.7.0)
      public_suffix (>= 2.0.2, < 5.0)
    afm (0.2.2)
    ast (2.4.2)
    autoprefixer-rails (9.6.1.1)
      execjs
    axlsx (1.3.6)
      htmlentities (~> 4.3.1)
      nokogiri (>= 1.4.1)
      rubyzip (>= 0.9.5)
    bcrypt (3.1.13)
    bindex (0.5.0)
    bootstrap-sass (3.4.1)
      autoprefixer-rails (>= 5.2.1)
      sassc (>= 2.0.0)
    bootstrap-table-rails (1.11.1.1)
    brakeman (5.0.0)
    builder (3.2.4)
    bundler-audit (0.7.0.1)
      bundler (>= 1.2.0, < 3)
      thor (>= 0.18, < 2)
    byebug (9.1.0)
    cancancan (3.0.1)
    capistrano (2.15.9)
      highline
      net-scp (>= 1.0.0)
      net-sftp (>= 2.0.0)
      net-ssh (>= 2.0.14)
      net-ssh-gateway (>= 1.1.0)
    capybara (3.35.1)
      addressable
      mini_mime (>= 0.1.3)
      nokogiri (~> 1.8)
      rack (>= 1.6.0)
      rack-test (>= 0.6.3)
      regexp_parser (>= 1.5, < 3.0)
      xpath (~> 3.2)
    capybara-email (3.0.1)
      capybara (>= 2.4, < 4.0)
      mail
    capybara-screenshot (1.0.25)
      capybara (>= 1.0, < 4)
      launchy
    charlock_holmes (0.7.7)
    childprocess (3.0.0)
    cliver (0.3.2)
    cocoon (1.2.10)
    coderay (1.1.3)
    coffee-rails (5.0.0)
      coffee-script (>= 2.2.0)
      railties (>= 5.2.0)
    coffee-script (2.4.1)
      coffee-script-source
      execjs
    coffee-script-source (1.12.2)
    concurrent-ruby (1.1.8)
    crass (1.0.6)
    daemons (1.1.9)
    delayed_job (4.1.9)
      activesupport (>= 3.0, < 6.2)
    delayed_job_active_record (4.1.5)
      activerecord (>= 3.0, < 6.2)
      delayed_job (>= 3.0, < 5)
    devise (4.7.1)
      bcrypt (~> 3.0)
      orm_adapter (~> 0.1)
      railties (>= 4.1.0)
      responders
      warden (~> 1.2.3)
    devise_saml_authenticatable (1.5.0)
      devise (> 2.0.0)
      ruby-saml (~> 1.7)
    docile (1.3.1)
    docx (0.3.0)
      nokogiri (~> 1.8, >= 1.8.1)
      rubyzip (~> 1.2, >= 1.2.1)
    em-websocket (0.5.1)
      eventmachine (>= 0.12.9)
      http_parser.rb (~> 0.6.0)
    erubi (1.10.0)
    escape_utils (1.2.1)
    eventmachine (1.2.5)
    execjs (2.7.0)
    ffi (1.14.2)
    formatador (0.2.5)
    github-linguist (7.13.0)
      charlock_holmes (~> 0.7.7)
      escape_utils (~> 1.2.0)
      mini_mime (~> 1.0)
      rugged (>= 0.25.1)
    globalid (0.4.2)
      activesupport (>= 4.2.0)
    guard (2.14.1)
      formatador (>= 0.2.4)
      listen (>= 2.7, < 4.0)
      lumberjack (~> 1.0)
      nenv (~> 0.1)
      notiffany (~> 0.0)
      pry (>= 0.9.12)
      shellany (~> 0.0)
      thor (>= 0.18.1)
    guard-compat (1.2.1)
    guard-livereload (2.5.2)
      em-websocket (~> 0.5)
      guard (~> 2.8)
      guard-compat (~> 1.0)
      multi_json (~> 1.8)
    guard-rubocop (1.4.0)
      guard (~> 2.0)
      rubocop (< 2.0)
    guard-shell (0.7.1)
      guard (>= 2.0.0)
      guard-compat (~> 1.0)
    guard-test (2.0.8)
      guard-compat (~> 1.2)
      test-unit (~> 3.0)
    hashery (2.1.2)
    highline (2.0.2)
    htmlentities (4.3.4)
    http_parser.rb (0.6.0)
    i18n (1.8.10)
      concurrent-ruby (~> 1.0)
    jquery-rails (4.3.5)
      rails-dom-testing (>= 1, < 3)
      railties (>= 4.2.0)
      thor (>= 0.14, < 2.0)
    jquery-ui-rails (6.0.1)
      railties (>= 3.2.16)
    json (2.3.0)
    launchy (2.5.0)
      addressable (~> 2.7)
    libv8 (7.3.492.27.1)
    listen (3.4.1)
      rb-fsevent (~> 0.10, >= 0.10.3)
      rb-inotify (~> 0.9, >= 0.9.10)
    loofah (2.9.1)
      crass (~> 1.0.2)
      nokogiri (>= 1.5.9)
    lumberjack (1.0.12)
    mail (2.7.1)
      mini_mime (>= 0.1.1)
    marcel (1.0.1)
    metaclass (0.0.4)
    method_source (1.0.0)
    mini_mime (1.1.0)
    mini_portile2 (2.5.1)
    mini_racer (0.2.8)
      libv8 (>= 6.9.411)
    minitest (5.14.4)
    mocha (1.3.0)
      metaclass (~> 0.0.1)
    msworddoc-extractor (0.2.0)
      ruby-ole
    multi_json (1.14.1)
    ndr_authenticate (0.2.3.1)
      devise
      devise_saml_authenticatable
      ndr_ui (>= 2.3)
      net-ldap
      rails (>= 5.2, < 7)
      yubikey
    ndr_dev_support (6.0.0)
      activesupport (< 7)
      brakeman (>= 4.7.1)
      bundler-audit
      capistrano (~> 2.15)
      capybara (>= 3.34)
      capybara-screenshot
      github-linguist
      highline (>= 1.6.0)
      minitest (~> 5.11)
      parser
      poltergeist (>= 1.8.0)
      prometheus-client (~> 0.9.0)
      pry
      rainbow
      rubocop (~> 1.7)
      rubocop-rails (~> 2.9)
      rubocop-rake (~> 0.5)
      rugged
      selenium-webdriver
      show_me_the_cookies
      simplecov
      unicode-display_width (>= 1.3.3)
      webdrivers (>= 3.9)
      with_clean_rbenv
    ndr_error (2.0.3)
      ndr_ui
      rails (>= 5.2, < 7)
      will_paginate
    ndr_import (9.0.0)
      activemodel
      activesupport (>= 5.0, < 7)
      docx (~> 0.3)
      msworddoc-extractor (= 0.2.0)
      ndr_support (>= 5.3.2, < 6)
      nokogiri (~> 1.8, >= 1.8.5)
      ooxml_decrypt
      pdf-reader (~> 2.1)
      roo (~> 2.0)
      roo-xls
      rubyzip (~> 1.2, >= 1.2.2)
      seven_zip_ruby (~> 1.2)
      spreadsheet (= 1.0.3)
    ndr_pseudonymise (0.2.6)
      activesupport
    ndr_support (5.7.1)
      activerecord (>= 5.2.0, < 7)
      activesupport (>= 5.2.0, < 7)
    ndr_ui (3.2.0)
      bootstrap-sass (~> 3.4.1)
      jquery-rails (>= 4.1.0)
      rails (>= 5.1, < 7.0)
      sprockets (>= 4.0)
    ndr_workflow (1.2.2)
      ndr_support (~> 5.0)
      rails (>= 5.2, < 7)
    nenv (0.3.0)
    net-ldap (0.16.1)
    net-scp (2.0.0)
      net-ssh (>= 2.6.5, < 6.0.0)
    net-sftp (2.1.2)
      net-ssh (>= 2.6.5)
    net-ssh (5.2.0)
    net-ssh-gateway (2.0.0)
      net-ssh (>= 4.0.0)
    nio4r (2.5.7)
    nokogiri (1.11.5)
      mini_portile2 (~> 2.5.0)
      racc (~> 1.4)
    notiffany (0.1.1)
      nenv (~> 0.1)
      shellany (~> 0.0)
    ooxml_decrypt (1.0.0)
      nokogiri (~> 1.10)
      ruby-ole (~> 1.2)
    orm_adapter (0.5.0)
    paper_trail (10.3.1)
      activerecord (>= 4.2)
      request_store (~> 1.1)
    paper_trail-association_tracking (2.0.0)
    parallel (1.20.1)
    parser (3.0.0.0)
      ast (~> 2.4.1)
    pdf-reader (2.2.1)
      Ascii85 (~> 1.0.0)
      afm (~> 0.2.1)
      hashery (~> 2.0)
      ruby-rc4
      ttfunk
    pg (0.21.0)
    poltergeist (1.18.1)
      capybara (>= 2.1, < 4)
      cliver (~> 0.3.1)
      websocket-driver (>= 0.2.0)
    possibly (1.0.1)
    power_assert (1.1.0)
    prometheus-client (0.9.0)
      quantile (~> 0.2.1)
    pry (0.13.1)
      coderay (~> 1.1)
      method_source (~> 1.0)
    pry-rails (0.3.9)
      pry (>= 0.10.4)
    public_suffix (4.0.6)
    puma (4.3.8)
      nio4r (~> 2.0)
    quantile (0.2.1)
    racc (1.5.2)
    rack (2.2.3)
    rack-mini-profiler (2.3.1)
      rack (>= 1.2.0)
    rack-proxy (0.6.5)
      rack
    rack-test (1.1.0)
      rack (>= 1.0, < 3)
    railroady (1.5.3)
    rails (6.0.3.7)
      actioncable (= 6.0.3.7)
      actionmailbox (= 6.0.3.7)
      actionmailer (= 6.0.3.7)
      actionpack (= 6.0.3.7)
      actiontext (= 6.0.3.7)
      actionview (= 6.0.3.7)
      activejob (= 6.0.3.7)
      activemodel (= 6.0.3.7)
      activerecord (= 6.0.3.7)
      activestorage (= 6.0.3.7)
      activesupport (= 6.0.3.7)
      bundler (>= 1.3.0)
      railties (= 6.0.3.7)
      sprockets-rails (>= 2.0.0)
    rails-dom-testing (2.0.3)
      activesupport (>= 4.2.0)
      nokogiri (>= 1.6)
    rails-html-sanitizer (1.3.0)
      loofah (~> 2.3)
    railties (6.0.3.7)
      actionpack (= 6.0.3.7)
      activesupport (= 6.0.3.7)
      method_source
      rake (>= 0.8.7)
      thor (>= 0.20.3, < 2.0)
    rainbow (3.0.0)
    rake (13.0.3)
    rb-fsevent (0.10.4)
    rb-inotify (0.10.1)
      ffi (~> 1.0)
    regexp-examples (1.5.1)
    regexp_parser (2.0.3)
    request_store (1.4.1)
      rack (>= 1.4)
    responders (3.0.0)
      actionpack (>= 5.0)
      railties (>= 5.0)
    rexml (3.2.5)
    roo (2.8.2)
      nokogiri (~> 1)
      rubyzip (>= 1.2.1, < 2.0.0)
    roo-xls (1.2.0)
      nokogiri
      roo (>= 2.0.0, < 3)
      spreadsheet (> 0.9.0)
    rubocop (1.8.1)
      parallel (~> 1.10)
      parser (>= 3.0.0.0)
      rainbow (>= 2.2.2, < 4.0)
      regexp_parser (>= 1.8, < 3.0)
      rexml
      rubocop-ast (>= 1.2.0, < 2.0)
      ruby-progressbar (~> 1.7)
      unicode-display_width (>= 1.4.0, < 3.0)
    rubocop-ast (1.4.1)
      parser (>= 2.7.1.5)
    rubocop-rails (2.9.1)
      activesupport (>= 4.2.0)
      rack (>= 1.1)
      rubocop (>= 0.90.0, < 2.0)
    rubocop-rake (0.5.1)
      rubocop
    ruby-ole (1.2.12.2)
    ruby-progressbar (1.11.0)
    ruby-rc4 (0.1.5)
    ruby-saml (1.11.0)
      nokogiri (>= 1.5.10)
    rubyzip (1.3.0)
    rugged (1.1.0)
    sass-rails (6.0.0)
      sassc-rails (~> 2.1, >= 2.1.1)
    sassc (2.4.0)
      ffi (~> 1.9)
    sassc-rails (2.1.2)
      railties (>= 4.0.0)
      sassc (>= 2.0)
      sprockets (> 3.0)
      sprockets-rails
      tilt
    selenium-webdriver (3.142.7)
      childprocess (>= 0.5, < 4.0)
      rubyzip (>= 1.2.2)
    seven_zip_ruby (1.3.0)
    shellany (0.0.1)
    show_me_the_cookies (5.0.1)
      capybara (>= 2, < 4)
    simplecov (0.16.1)
      docile (~> 1.1)
      json (>= 1.8, < 3)
      simplecov-html (~> 0.10.0)
    simplecov-html (0.10.2)
    spreadsheet (1.0.3)
      ruby-ole (>= 1.0)
    spring (2.0.2)
      activesupport (>= 4.2)
    sprockets (4.0.2)
      concurrent-ruby (~> 1.0)
      rack (> 1, < 3)
    sprockets-rails (3.2.2)
      actionpack (>= 4.0)
      activesupport (>= 4.0)
      sprockets (>= 3.0.0)
    terminal-notifier-guard (1.7.0)
    test-unit (3.2.5)
      power_assert
    thor (1.1.0)
    thread_safe (0.3.6)
    tilt (2.0.9)
    ttfunk (1.5.1)
    turbolinks (5.0.1)
      turbolinks-source (~> 5)
    turbolinks-source (5.0.3)
    tzinfo (1.2.9)
      thread_safe (~> 0.1)
    uglifier (3.2.0)
      execjs (>= 0.3.0, < 3)
    unicode-display_width (2.0.0)
    warden (1.2.8)
      rack (>= 2.0.6)
    web-console (3.5.1)
      actionview (>= 5.0)
      activemodel (>= 5.0)
      bindex (>= 0.4.0)
      railties (>= 5.0)
    webdrivers (4.5.0)
      nokogiri (~> 1.6)
      rubyzip (>= 1.3.0)
      selenium-webdriver (>= 3.0, < 4.0)
    webpacker (4.0.4)
      activesupport (>= 4.2)
      rack-proxy (>= 0.6.1)
      railties (>= 4.2)
    websocket-driver (0.7.3)
      websocket-extensions (>= 0.1.0)
    websocket-extensions (0.1.5)
    will_paginate (3.1.8)
    with_clean_rbenv (0.1.0)
    xpath (3.2.0)
      nokogiri (~> 1.8)
    yubikey (1.4.1)
    zeitwerk (2.4.2)
    zip-zip (0.3)
      rubyzip (>= 1.0.0)

PLATFORMS
  ruby

DEPENDENCIES
  activemodel-caution (= 6.0.3.7.0)
  axlsx
  bootstrap-table-rails
  byebug
  cancancan (~> 3.0)
  capistrano (>= 2.5.0, < 3.0)
  capybara-email
  cocoon
  coffee-rails
  daemons
  delayed_job (~> 4.1)
  delayed_job_active_record
  devise (~> 4.7, >= 4.7.1)
  guard
  guard-livereload (~> 2.5)
  guard-rubocop
  guard-shell
  guard-test
  highline
  jquery-rails
  jquery-ui-rails
  loofah (>= 2.3.1)
  mini_racer
  minitest
  mocha
  ndr_authenticate (= 0.2.3.1)
  ndr_dev_support (~> 6.0)
  ndr_error (~> 2.0)
  ndr_import
  ndr_pseudonymise (~> 0.2.6)
  ndr_support (~> 5.7.1)
  ndr_ui
  ndr_workflow (~> 1.2, >= 1.2.2)
  nokogiri (~> 1.11)
  paper_trail (~> 10.0)
  paper_trail-association_tracking
  pg
  possibly
  pry
  pry-rails
  puma (~> 4.0, >= 4.3.5)
  rack-mini-profiler
  railroady
  rails (~> 6.0.3.7)
  regexp-examples
  sass-rails
  simplecov
  spring
  terminal-notifier-guard
  turbolinks (~> 5.x)
  uglifier (>= 1.3.0)
  web-console (~> 3.0)
  webpacker (~> 4.x)
  will_paginate
  zip-zip

BUNDLED WITH
   1.17.3
